GEM
  remote: https://rubygems.org/
  specs:
    erb-formatter (0.4.3)
      syntax_tree (~> 6.0)
    prettier_print (1.2.1)
    syntax_tree (6.2.0)
      prettier_print (>= 1.2.0)

PLATFORMS
  ruby

DEPENDENCIES
  erb-formatter

BUNDLED WITH
   2.4.20
